GEM
  remote: https://rubygems.org/
PLATFORMS
  x86_64-darwin-21

DEPENDENCIES
RUBY VERSION
   ruby 3.1.3p185

BUNDLED WITH
   2.4.1
